PATH
  remote: .
  specs:
    courier (0.1.0)

GEM
  remote: https://rubygems.org/
  specs:
    minitest (5.14.0)
    rake (12.3.3)
    thor (1.0.1)

PLATFORMS
  ruby

DEPENDENCIES
  courier!
  minitest (~> 5.0)
  rake (~> 12.0)
  thor (~> 1.0.1)

BUNDLED WITH
   2.1.4
